GEM
  remote: http://rubygems.org/
  specs:
    aws_cf_signer (0.1.3)
    bson (4.2.2)
    bson_ext (1.5.1)
    cloudinary (1.8.2)
      aws_cf_signer
      rest-client
    domain_name (0.5.20170404)
      unf (>= 0.0.5, < 1.0.0)
    ffi (1.9.18-x64-mingw32)
    http-cookie (1.0.3)
      domain_name (~> 0.5)
    json (2.1.0)
    mime-types (3.1)
      mime-types-data (~> 3.2015)
    mime-types-data (3.2016.0521)
    mongo (2.4.3)
      bson (>= 4.2.1, < 5.0.0)
    mustermann (1.0.1)
    netrc (0.11.0)
    rack (2.0.3)
    rack-protection (2.0.0)
      rack
    rest-client (2.0.2-x64-mingw32)
      ffi (~> 1.9)
      http-cookie (>= 1.0.2, < 2.0)
      mime-types (>= 1.16, < 4.0)
      netrc (~> 0.8)
    sinatra (2.0.0)
      mustermann (~> 1.0)
      rack (~> 2.0)
      rack-protection (= 2.0.0)
      tilt (~> 2.0)
    tilt (2.0.8)
    unf (0.1.4)
      unf_ext
    unf_ext (0.0.7.4-x64-mingw32)

PLATFORMS
  x64-mingw32

DEPENDENCIES
  bson_ext
  cloudinary
  json (~> 2.1)
  mongo
  sinatra

BUNDLED WITH
   1.16.0
